GEM
  remote: https://rubygems.org/
  specs:
    addressable (2.5.0)
      public_suffix (~> 2.0, >= 2.0.2)
    crack (0.4.3)
      safe_yaml (~> 1.0.0)
    hashdiff (0.3.2)
    httparty (0.15.6)
      multi_xml (>= 0.5.2)
    metaclass (0.0.4)
    minispec-metadata (3.2.1)
      minitest
    minitest (5.10.1)
    minitest-spec (0.0.2.1)
      minitest (>= 3.0)
    mocha (1.2.1)
      metaclass (~> 0.0.1)
    multi_xml (0.6.0)
    safe_yaml (1.0.4)
    vcr (3.0.3)
    webmock (2.3.2)
      addressable (>= 2.3.6)
      crack (>= 0.3.2)
      hashdiff

PLATFORMS
  ruby

DEPENDENCIES
  httparty
  minispec-metadata
  minitest-spec
  mocha
  vcr
  webmock

BUNDLED WITH
   1.15.4
