GEM
  remote: https://rubygems.org/
  specs:
    addressable (2.5.2)
      public_suffix (>= 2.0.2, < 4.0)
    crack (0.4.3)
      safe_yaml (~> 1.0.0)
    hashdiff (0.3.7)
    httparty (0.16.2)
      multi_xml (>= 0.5.2)
    metaclass (0.0.4)
    minispec-metadata (3.3.0)
      minitest
    minitest (5.11.3)
    minitest-spec (0.0.2.1)
      minitest (>= 3.0)
    mocha (1.5.0)
      metaclass (~> 0.0.1)
    multi_xml (0.6.0)
    public_suffix (3.0.2)
    safe_yaml (1.0.4)
    vcr (4.0.0)
    webmock (3.4.2)
      addressable (>= 2.3.6)
      crack (>= 0.3.2)
      hashdiff

PLATFORMS
  ruby

DEPENDENCIES
  httparty
  minispec-metadata
  minitest-spec
  mocha
  vcr
  webmock

BUNDLED WITH
   1.16.1
